PATH
  remote: .
  specs:
    radiant (1.0.0.rc2)
      acts_as_tree (~> 0.1.1)
      bundler (~> 1.0.0)
      compass (~> 0.11.1)
      delocalize (~> 0.2.3)
      haml (~> 3.1.1)
      highline (~> 1.6.2)
      rack (~> 1.1.1)
      rack-cache (~> 1.0.2)
      radiant-archive-extension (~> 1.0.0)
      radiant-clipped-extension (~> 1.0.6)
      radiant-debug-extension (~> 1.0.0)
      radiant-exporter-extension (~> 1.0.0)
      radiant-markdown_filter-extension (~> 1.0.0)
      radiant-sheets-extension (~> 1.0.0.pre)
      radiant-site_templates-extension (~> 1.0.0)
      radiant-smarty_pants_filter-extension (~> 1.0.0)
      radiant-textile_filter-extension (~> 1.0.0)
      radius (~> 0.7.1)
      rails (~> 2.3.12)
      rake (> 0.8.6)
      rdoc (~> 3.9.2)
      term-ansicolor (~> 1.0.6)
      will_paginate (~> 2.3.11)

GEM
  remote: http://rubygems.org/
  specs:
    RedCloth (4.2.8)
    ZenTest (4.6.0)
    actionmailer (2.3.14)
      actionpack (= 2.3.14)
    actionpack (2.3.14)
      activesupport (= 2.3.14)
      rack (~> 1.1.0)
    activerecord (2.3.14)
      activesupport (= 2.3.14)
    activeresource (2.3.14)
      activesupport (= 2.3.14)
    activesupport (2.3.14)
    acts_as_list (0.1.4)
    acts_as_tree (0.1.1)
    bluecloth (2.1.0)
    builder (3.0.0)
    chunky_png (1.2.1)
    cocaine (0.2.0)
    coffee-script (2.2.0)
      coffee-script-source
      execjs
    coffee-script-source (1.1.2)
    compass (0.11.5)
      chunky_png (~> 1.2)
      fssm (>= 0.2.7)
      sass (~> 3.1)
    cucumber (1.0.2)
      builder (>= 2.1.2)
      diff-lcs (>= 1.1.2)
      gherkin (~> 2.4.5)
      json (>= 1.4.6)
      term-ansicolor (>= 1.0.5)
    cucumber-rails (0.3.2)
      cucumber (>= 0.8.0)
    database_cleaner (0.6.7)
    delocalize (0.2.6)
    diff-lcs (1.1.2)
    execjs (1.2.4)
      multi_json (~> 1.0)
    fssm (0.2.7)
    gherkin (2.4.14)
      json (>= 1.4.6)
    haml (3.1.2)
    highline (1.6.2)
    hoe (1.5.1)
      rake (>= 0.8.1)
      rubyforge (>= 0.4.4)
    json (1.5.3)
    json_pure (1.5.3)
    mime-types (1.16)
    multi_json (1.0.3)
    nokogiri (1.5.0)
    paperclip (2.3.16)
      activerecord (>= 2.3.0)
      activesupport (>= 2.3.2)
      cocaine (>= 0.0.2)
      mime-types
    rack (1.1.2)
    rack-cache (1.0.2)
      rack (>= 0.4)
    rack-test (0.6.1)
      rack (>= 1.0)
    radiant-archive-extension (1.0.0)
    radiant-clipped-extension (1.0.6)
      acts_as_list (~> 0.1.2)
      paperclip (~> 2.3.16)
      uuidtools (~> 2.1.2)
    radiant-debug-extension (1.0.0)
    radiant-exporter-extension (1.0.0)
    radiant-markdown_filter-extension (1.0.0)
      bluecloth (~> 2.1.0)
    radiant-sheets-extension (1.0.0.pre)
      coffee-script (~> 2.2.0)
      sass (~> 3.1.2)
    radiant-site_templates-extension (1.0.0)
    radiant-smarty_pants_filter-extension (1.0.0)
      rubypants (~> 0.2.0)
    radiant-textile_filter-extension (1.0.2)
      RedCloth (~> 4.2.0)
    radius (0.7.1)
    rails (2.3.14)
      actionmailer (= 2.3.14)
      actionpack (= 2.3.14)
      activerecord (= 2.3.14)
      activeresource (= 2.3.14)
      activesupport (= 2.3.14)
      rake (>= 0.8.3)
    rake (0.9.2)
    rdoc (3.9.2)
    rspec (1.3.2)
    rspec-rails (1.3.4)
      rack (>= 1.0.0)
      rspec (~> 1.3.1)
    rubyforge (2.0.4)
      json_pure (>= 1.1.7)
    rubypants (0.2.0)
    sass (3.1.7)
    sqlite3 (1.3.4)
    term-ansicolor (1.0.6)
    test-unit (1.2.3)
      hoe (>= 1.5.1)
    uuidtools (2.1.2)
    webrat (0.7.3)
      nokogiri (>= 1.2.0)
      rack (>= 1.0)
      rack-test (>= 0.5.3)
    will_paginate (2.3.16)

PLATFORMS
  ruby

DEPENDENCIES
  ZenTest (= 4.6.0)
  cucumber-rails (~> 0.3.2)
  database_cleaner (~> 0.6.5)
  hoe (= 1.5.1)
  radiant!
  rspec (~> 1.3.1)
  rspec-rails (~> 1.3.3)
  sqlite3 (~> 1.3.4)
  test-unit (= 1.2.3)
  webrat (~> 0.7.3)
